GEM
  remote: http://rubygems.org/
  specs:
    cinch (1.1.3)
    domain_name (0.5.6)
      unf (~> 0.0.3)
    faraday (0.8.4)
      multipart-post (~> 1.1)
    htmlentities (4.3.1)
    json (1.7.6)
    mechanize (2.5.1)
      domain_name (~> 0.5, >= 0.5.1)
      mime-types (~> 1.17, >= 1.17.2)
      net-http-digest_auth (~> 1.1, >= 1.1.1)
      net-http-persistent (~> 2.5, >= 2.5.2)
      nokogiri (~> 1.4)
      ntlm-http (~> 0.1, >= 0.1.1)
      webrobots (~> 0.0, >= 0.0.9)
    mime-types (1.19)
    multi_json (1.5.0)
    multipart-post (1.1.5)
    net-http-digest_auth (1.2.1)
    net-http-persistent (2.8)
    nokogiri (1.5.6)
    ntlm-http (0.1.1)
    simple_oauth (0.2.0)
    twitter (4.4.3)
      faraday (~> 0.8, < 0.10)
      multi_json (~> 1.3)
      simple_oauth (~> 0.2)
    unf (0.0.5)
      unf_ext
    unf_ext (0.0.5)
    webrobots (0.0.13)

PLATFORMS
  ruby

DEPENDENCIES
  cinch (~> 1.1.3)
  htmlentities
  json
  mechanize
  twitter
